GEM
  remote: https://rubygems.org/
  specs:
    diff-lcs (1.5.0)
    nio4r (2.5.8)
    puma (5.6.4)
      nio4r (~> 2.0)
    rack (2.2.3.1)
    rspec (3.11.0)
      rspec-core (~> 3.11.0)
      rspec-expectations (~> 3.11.0)
      rspec-mocks (~> 3.11.0)
    rspec-core (3.11.0)
      rspec-support (~> 3.11.0)
    rspec-expectations (3.11.0)
      diff-lcs (>= 1.2.0, < 2.0)
      rspec-support (~> 3.11.0)
    rspec-mocks (3.11.1)
      diff-lcs (>= 1.2.0, < 2.0)
      rspec-support (~> 3.11.0)
    rspec-support (3.11.0)

PLATFORMS
  x86_64-linux

DEPENDENCIES
  puma
  rack
  rspec

BUNDLED WITH
   2.3.3
